GIT
  remote: https://github.com/middleman/middleman.git
  revision: a55cb725077c311683cc0bc95cdb8ef0369f9091
  specs:
    middleman (5.0.0.rc.1)
      coffee-script (~> 2.2)
      haml (>= 4.0.5)
      kramdown (~> 1.2)
      middleman-cli (= 5.0.0.rc.1)
      middleman-core (= 5.0.0.rc.1)
    middleman-cli (5.0.0.rc.1)
      thor (>= 0.17.0, < 2.0)
    middleman-core (5.0.0.rc.1)
      activesupport (>= 5.0.0)
      addressable (~> 2.3)
      bundler
      contracts (~> 0.16.0)
      dotenv
      erubis
      execjs (~> 2.0)
      fastimage (~> 2.0)
      hamster (~> 3.0)
      hashie (~> 3.4)
      i18n (~> 0.9.0)
      listen (~> 3.0)
      memoist (~> 0.14)
      oj (~> 3.7)
      padrino-helpers (~> 0.14.4)
      parallel
      rack (>= 1.4.5, < 3)
      rgl (~> 0.5.3)
      sassc (~> 2.0)
      servolux
      tilt (~> 2.0.9)
      uglifier (~> 4.1)

GEM
  remote: https://rubygems.org/
  specs:
    activesupport (6.0.3.1)
      concurrent-ruby (~> 1.0, >= 1.0.2)
      i18n (>= 0.7, < 2)
      minitest (~> 5.1)
      tzinfo (~> 1.1)
      zeitwerk (~> 2.2, >= 2.2.2)
    addressable (2.7.0)
      public_suffix (>= 2.0.2, < 5.0)
    autoprefixer-rails (9.6.1.1)
      execjs
    bourbon (6.0.0)
      thor (~> 0.19)
    builder (3.2.4)
    coffee-script (2.4.1)
      coffee-script-source
      execjs
    coffee-script-source (1.12.2)
    concurrent-ruby (1.1.6)
    contracts (0.16.0)
    dotenv (2.7.5)
    erubis (2.7.0)
    ethon (0.12.0)
      ffi (>= 1.3.0)
    execjs (2.7.0)
    fastimage (2.1.7)
    ffi (1.13.0)
    haml (5.1.2)
      temple (>= 0.8.0)
      tilt
    hamster (3.0.0)
      concurrent-ruby (~> 1.0)
    hashie (3.6.0)
    html-proofer (3.15.3)
      addressable (~> 2.3)
      mercenary (~> 0.3)
      nokogumbo (~> 2.0)
      parallel (~> 1.3)
      rainbow (~> 3.0)
      typhoeus (~> 1.3)
      yell (~> 2.0)
    httparty (0.18.0)
      mime-types (~> 3.0)
      multi_xml (>= 0.5.2)
    i18n (0.9.5)
      concurrent-ruby (~> 1.0)
    kramdown (1.17.0)
    lazy_priority_queue (0.1.1)
    listen (3.2.1)
      rb-fsevent (~> 0.10, >= 0.10.3)
      rb-inotify (~> 0.9, >= 0.9.10)
    memoist (0.16.2)
    mercenary (0.4.0)
    middleman-autoprefixer (2.10.1)
      autoprefixer-rails (~> 9.1)
      middleman-core (>= 3.3.3)
    middleman-syntax (3.2.0)
      middleman-core (>= 3.2)
      rouge (~> 3.2)
    mime-types (3.3.1)
      mime-types-data (~> 3.2015)
    mime-types-data (3.2019.1009)
    mini_portile2 (2.4.0)
    minitest (5.14.1)
    multi_xml (0.6.0)
    neat (1.9.1)
      sass (>= 3.3)
      thor (~> 0.19)
    nokogiri (1.10.9)
      mini_portile2 (~> 2.4.0)
    nokogumbo (2.0.2)
      nokogiri (~> 1.8, >= 1.8.4)
    oj (3.10.6)
    padrino-helpers (0.14.4)
      i18n (~> 0.6, >= 0.6.7)
      padrino-support (= 0.14.4)
      tilt (>= 1.4.1, < 3)
    padrino-support (0.14.4)
    parallel (1.19.1)
    public_suffix (4.0.5)
    rack (2.2.2)
    rainbow (3.0.0)
    rb-fsevent (0.10.4)
    rb-inotify (0.10.1)
      ffi (~> 1.0)
    redcarpet (3.5.0)
    rgl (0.5.6)
      lazy_priority_queue (~> 0.1.0)
      stream (~> 0.5.2)
    rouge (3.11.0)
    sass (3.7.4)
      sass-listen (~> 4.0.0)
    sass-listen (4.0.0)
      rb-fsevent (~> 0.9, >= 0.9.4)
      rb-inotify (~> 0.9, >= 0.9.7)
    sassc (2.4.0)
      ffi (~> 1.9)
    servolux (0.13.0)
    stream (0.5.2)
    temple (0.8.2)
    thor (0.20.3)
    thread_safe (0.3.6)
    tilt (2.0.10)
    typhoeus (1.3.1)
      ethon (>= 0.9.0)
    tzinfo (1.2.7)
      thread_safe (~> 0.1)
    uglifier (4.2.0)
      execjs (>= 0.3.0, < 3)
    yell (2.2.2)
    zeitwerk (2.3.0)

PLATFORMS
  ruby

DEPENDENCIES
  bourbon (~> 6.0)
  builder
  html-proofer
  httparty
  middleman!
  middleman-autoprefixer
  middleman-syntax (~> 3.2)
  neat (~> 1.9)
  redcarpet

BUNDLED WITH
   2.0.2
